GEM
  remote: https://rubygems.org/
  specs:
    CFPropertyList (2.2.6)
    activesupport (3.2.16)
      i18n (~> 0.6, >= 0.6.4)
      multi_json (~> 1.0)
    awesome_print (1.2.0)
    blankslate (2.1.2.4)
    bubble-wrap (1.4.0)
    builder (3.2.2)
    calabash-common (0.0.1)
      cucumber (~> 1.3.0)
    calabash-cucumber (0.9.160)
      CFPropertyList
      awesome_print
      bundler (~> 1.1)
      calabash-common (~> 0.0.1)
      cucumber (~> 1.3.0)
      edn
      httpclient (~> 2.3.3)
      json
      location-one (~> 0.0.10)
      run_loop (~> 0.0.21)
      sim_launcher (= 0.4.6)
      slowhandcuke
      xamarin-test-cloud (~> 0.9.25)
    cdq (0.1.5)
      motion-yaml
      ruby-xcdm (~> 0.0, >= 0.0.5)
    celluloid (0.15.2)
      timers (~> 1.1.0)
    claide (0.4.0)
    cocoapods (0.28.0)
      activesupport (>= 3.2.15, < 4)
      claide (~> 0.4.0)
      cocoapods-core (= 0.28.0)
      cocoapods-downloader (~> 0.2.0)
      colored (~> 1.2)
      escape (~> 0.0.4)
      json_pure (~> 1.8)
      open4 (~> 1.3)
      xcodeproj (~> 0.14.1)
    cocoapods-core (0.28.0)
      activesupport (>= 3.2.15, < 4)
      fuzzy_match (~> 2.0.4)
      json (~> 1.8)
      nap (~> 0.5)
    cocoapods-downloader (0.2.0)
    coderay (1.1.0)
    colored (1.2)
    cucumber (1.3.10)
      builder (>= 2.1.2)
      diff-lcs (>= 1.1.3)
      gherkin (~> 2.12)
      multi_json (>= 1.7.5, < 2.0)
      multi_test (>= 0.0.2)
    deep_merge (1.0.0)
    diff-lcs (1.2.5)
    edn (1.0.2)
      parslet (~> 1.4.0)
    escape (0.0.4)
    ffi (1.9.3)
    formatador (0.2.4)
    formotion (1.6)
      bubble-wrap (~> 1.4.0)
      motion-require (~> 0.0.3)
    fuzzy_match (2.0.4)
    geocoder (1.1.9)
    gherkin (2.12.2)
      multi_json (~> 1.3)
    guard (2.2.5)
      formatador (>= 0.2.4)
      listen (~> 2.1)
      lumberjack (~> 1.0)
      pry (>= 0.9.12)
      thor (>= 0.18.1)
    guard-test (2.0.3)
      guard (~> 2.0)
      test-unit (~> 2.2)
    httpclient (2.3.4.1)
    i18n (0.6.9)
    i18n_tools (0.1.5)
      deep_merge
      ya2yaml
    json (1.8.1)
    json_pure (1.8.1)
    listen (2.4.0)
      celluloid (>= 0.15.2)
      rb-fsevent (>= 0.9.3)
      rb-inotify (>= 0.9)
    location-one (0.0.10)
      geocoder (~> 1.1)
      httpclient (~> 2.3.3)
      json
    lumberjack (1.0.4)
    method_source (0.8.2)
    mime-types (1.25.1)
    motion-calabash (0.9.160.1)
      calabash-cucumber (= 0.9.160)
    motion-cocoapods (1.4.0)
      cocoapods (>= 0.26.2)
    motion-hockeyapp (1.1.5)
    motion-i18n (0.0.2)
      i18n
      motion-require
    motion-redgreen (0.1.0)
    motion-require (0.0.7)
    motion-resource (0.1.4)
      bubble-wrap
      motion-support (>= 0.2.3)
    motion-stump (0.3.0)
    motion-support (0.2.6)
      motion-require (>= 0.0.6)
    motion-yaml (1.2)
    multi_json (1.8.4)
    multi_test (0.0.3)
    nap (0.6.0)
    open4 (1.3.0)
    parslet (1.4.0)
      blankslate (~> 2.0)
    plist (3.1.0)
    pry (0.9.12.4)
      coderay (~> 1.0)
      method_source (~> 0.8)
      slop (~> 3.4)
    rack (1.5.2)
    rack-protection (1.5.2)
      rack
    rake (10.1.1)
    rb-fsevent (0.9.4)
    rb-inotify (0.9.3)
      ffi (>= 0.5.0)
    rest-client (1.6.7)
      mime-types (>= 1.16)
    retriable (1.3.3.1)
    ruby-xcdm (0.0.5)
      activesupport (~> 3.2)
      builder (~> 3.2)
      plist (~> 3.1)
    rubymotion-observer (0.0.1)
    rubyzip (0.9.9)
    run_loop (0.0.22)
      json
      thor
    sim_launcher (0.4.6)
      sinatra
    sinatra (1.4.4)
      rack (~> 1.4)
      rack-protection (~> 1.4)
      tilt (~> 1.3, >= 1.3.4)
    slop (3.4.7)
    slowhandcuke (0.0.3)
      cucumber
    sugarcube (1.3.5)
    teacup (2.1.13)
    test-unit (2.5.5)
    thor (0.18.1)
    tilt (1.4.1)
    timers (1.1.0)
    xamarin-test-cloud (0.9.28)
      bundler (>= 1.3.0, < 2.0)
      json
      mime-types (< 2.0)
      rest-client (~> 1.6.7)
      retriable (~> 1.3.3.1)
      rubyzip (~> 0.9.9)
      thor (>= 0.18.1)
    xcodeproj (0.14.1)
      activesupport (~> 3.0)
      colored (~> 1.2)
      rake
    ya2yaml (0.31)

PLATFORMS
  ruby

DEPENDENCIES
  bubble-wrap
  cdq
  formotion
  guard-test
  i18n_tools
  motion-calabash
  motion-cocoapods
  motion-hockeyapp
  motion-i18n
  motion-redgreen
  motion-resource
  motion-stump
  motion-support
  rake
  rb-fsevent
  rubymotion-observer
  sugarcube
  teacup
